GEM
  remote: https://rubygems.org/
  specs:
    asciidoctor (2.0.20)
    pygments.rb (2.4.0)

PLATFORMS
  x86_64-linux

DEPENDENCIES
  asciidoctor
  pygments.rb

RUBY VERSION
   ruby 3.2.2p53

BUNDLED WITH
   2.4.10
